GEM
  remote: http://rubygems.org/
  specs:
    activesupport (3.1.2)
      multi_json (~> 1.0)
    babosa (0.3.5)
    chunky_png (1.2.5)
    coderay (1.0.4)
    coffee-script (2.2.0)
      coffee-script-source
      execjs
    coffee-script-source (1.1.3)
    compass (0.11.5)
      chunky_png (~> 1.2)
      fssm (>= 0.2.7)
      sass (~> 3.1)
    execjs (1.2.9)
      multi_json (~> 1.0)
    fssm (0.2.7)
    haml (3.1.3)
    hike (1.2.1)
    i18n (0.6.0)
    kramdown (0.13.3)
    mapel (0.1.6)
    multi_json (1.0.3)
    rack (1.3.5)
    rack-cache (1.1)
      rack (>= 0.4)
    rack-protection (1.1.4)
      rack
    rack-thumb (0.2.4)
      mapel (>= 0.1.6)
      rack
    sass (3.1.10)
    sinatra (1.3.1)
      rack (~> 1.3, >= 1.3.4)
      rack-protection (~> 1.1, >= 1.1.2)
      tilt (~> 1.3, >= 1.3.3)
    sprockets (2.1.1)
      hike (~> 1.2)
      rack (~> 1.0)
      tilt (~> 1.1, != 1.3.0)
    tilt (1.3.3)
    uglifier (1.1.0)
      execjs (>= 0.3.0)
      multi_json (>= 1.0.2)

PLATFORMS
  ruby

DEPENDENCIES
  activesupport
  babosa
  coderay
  coffee-script
  compass
  haml
  i18n
  kramdown
  rack-cache
  rack-thumb
  sass
  sinatra
  sprockets
  uglifier
