GEM
  remote: http://rubygems.org/
  specs:
    activesupport (3.2.12)
      i18n (~> 0.6)
      multi_json (~> 1.0)
    babosa (0.3.9)
    chunky_png (1.2.7)
    coderay (1.0.9)
    coffee-script (2.2.0)
      coffee-script-source
      execjs
    coffee-script-source (1.5.0)
    compass (0.12.2)
      chunky_png (~> 1.2)
      fssm (>= 0.2.7)
      sass (~> 3.1)
    erubis (2.7.0)
    execjs (1.4.0)
      multi_json (~> 1.0)
    fssm (0.2.10)
    haml (4.0.0)
      tilt
    hike (1.2.1)
    i18n (0.6.4)
    kgio (2.8.0)
    kramdown (0.14.2)
    libv8 (3.11.8.13)
    mapel (0.1.6)
    multi_json (1.6.1)
    rack (1.3.10)
    rack-cache (1.2)
      rack (>= 0.4)
    rack-protection (1.3.2)
      rack
    rack-thumb (0.2.4)
      mapel (>= 0.1.6)
      rack
    raindrops (0.10.0)
    ref (1.0.2)
    sass (3.2.6)
    sinatra (1.3.3)
      rack (~> 1.3, >= 1.3.6)
      rack-protection (~> 1.2)
      tilt (~> 1.3, >= 1.3.3)
    sprockets (2.9.0)
      hike (~> 1.2)
      multi_json (~> 1.0)
      rack (~> 1.0)
      tilt (~> 1.1, != 1.3.0)
    therubyracer (0.11.4)
      libv8 (~> 3.11.8.12)
      ref
    tilt (1.3.4)
    uglifier (1.3.0)
      execjs (>= 0.3.0)
      multi_json (~> 1.0, >= 1.0.2)
    unicorn (4.6.2)
      kgio (~> 2.6)
      rack
      raindrops (~> 0.7)

PLATFORMS
  ruby

DEPENDENCIES
  activesupport
  babosa
  coderay
  coffee-script
  compass
  erubis
  haml
  i18n
  kramdown
  rack (~> 1.3.5)
  rack-cache
  rack-thumb
  sass
  sinatra
  sprockets
  therubyracer
  uglifier
  unicorn
